GEM
  remote: http://rubygems.org/
  specs:
    coderay (0.9.7)
    configuration (1.2.0)
    cri (1.0.1)
    growl (1.0.3)
    guard (0.3.0)
      open_gem (~> 1.4.2)
      thor (~> 0.14.6)
    guard-nanoc (0.1.0)
      guard (>= 0.2.1)
      nanoc (>= 3.1.5)
    haml (3.0.25)
    launchy (0.3.7)
      configuration (>= 0.0.5)
      rake (>= 0.8.1)
    nanoc (3.1.6)
      nanoc3 (>= 3.1.6)
    nanoc3 (3.1.6)
      cri (>= 1.0.0)
    nokogiri (1.4.4)
    open_gem (1.4.2)
      launchy (~> 0.3.5)
    rainpress (1.0)
    rake (0.8.7)
    rb-fsevent (0.3.9)
    rdiscount (1.6.8)
    rubypants (0.2.0)
    thor (0.14.6)

PLATFORMS
  ruby

DEPENDENCIES
  coderay
  growl
  guard
  guard-nanoc
  haml
  nanoc
  nokogiri
  rainpress
  rb-fsevent
  rdiscount
  rubypants
